GEM
  remote: https://rubygems.org/
  specs:
    alsa-rawmidi (0.3.2)
      ffi (~> 1.0)
    celluloid (0.17.3)
      celluloid-essentials
      celluloid-extras
      celluloid-fsm
      celluloid-pool
      celluloid-supervision
      timers (>= 4.1.1)
    celluloid-essentials (0.20.5)
      timers (>= 4.1.1)
    celluloid-extras (0.20.5)
      timers (>= 4.1.1)
    celluloid-fsm (0.20.5)
      timers (>= 4.1.1)
    celluloid-pool (0.20.5)
      timers (>= 4.1.1)
    celluloid-supervision (0.20.6)
      timers (>= 4.1.1)
    childprocess (0.9.0)
      ffi (~> 1.0, >= 1.0.11)
    color (1.8)
    coltrane (1.2.3)
      color (~> 1.8)
      facets (~> 3.1)
      paint (~> 2.0)
      pedrozath-mercenary (~> 0.3)
    commander (4.4.4)
      highline (~> 1.7.2)
    equatable (0.5.0)
    eventmachine (1.2.7)
    facets (3.1.0)
    ffi (1.9.18)
    ffi-bit_masks (0.1.1)
      ffi (~> 1.0)
    ffi-coremidi (0.4.1)
      ffi (~> 1.9, >= 1.9.6)
    forkoff (1.2.0)
    gir_ffi (0.11.4)
      ffi (~> 1.8)
      ffi-bit_masks (~> 0.1.1)
      indentation (~> 0.1.1)
    god (0.13.7)
    highline (1.7.10)
    hitimes (1.2.6)
    i3ipc (0.2.0)
    indentation (0.1.1)
    jack-ffi (0.0.3)
      ffi
    mercenary (0.3.6)
    midi-jruby (0.1.6)
    midi-winmm (0.1.10)
      ffi (>= 1.0)
    mini_portile2 (2.3.0)
    multi_json (1.13.1)
    musicxml (0.0.1)
      nokogiri (~> 1.6)
    necromancer (0.4.0)
    nokogiri (1.8.2)
      mini_portile2 (~> 2.3.0)
    osc-ruby (1.1.1)
    paint (2.0.1)
    pastel (0.7.2)
      equatable (~> 0.5.0)
      tty-color (~> 0.4.0)
    pedrozath-mercenary (0.3.8)
    ruby-osc (0.40.0)
      eventmachine (~> 1.2)
    ruby-sox (0.0.3)
    sonic-pi-cli (0.1.1)
      osc-ruby
    streamio-ffmpeg (3.0.2)
      multi_json (~> 1.8)
    strings (0.1.0)
      unicode-display_width (~> 1.3.0)
      unicode_utils (~> 1.4.0)
    timers (4.1.2)
      hitimes
    tty-color (0.4.2)
    tty-command (0.7.0)
      pastel (~> 0.7.0)
    tty-cursor (0.5.0)
    tty-pager (0.11.0)
      strings (~> 0.1.0)
      tty-screen (~> 0.6.4)
      tty-which (~> 0.3.0)
    tty-prompt (0.14.0)
      necromancer (~> 0.4.0)
      pastel (~> 0.7.0)
      timers (~> 4.1.2)
      tty-cursor (~> 0.5.0)
      tty-reader (~> 0.2.0)
    tty-reader (0.2.0)
      tty-cursor (~> 0.5.0)
      tty-screen (~> 0.6.4)
      wisper (~> 2.0.0)
    tty-screen (0.6.4)
    tty-which (0.3.0)
    unicode-display_width (1.3.0)
    unicode_utils (1.4.0)
    unimidi (0.4.8)
      alsa-rawmidi (~> 0.3, >= 0.3.1)
      ffi-coremidi (~> 0.3, >= 0.3.5)
      midi-jruby (~> 0.1, >= 0.1.4)
      midi-winmm (~> 0.1, >= 0.1.10)
    wisper (2.0.0)

PLATFORMS
  ruby

DEPENDENCIES
  celluloid
  childprocess
  coltrane
  commander
  eventmachine
  forkoff
  gir_ffi
  god
  highline
  i3ipc
  jack-ffi
  mercenary
  musicxml
  ruby-osc
  ruby-sox
  sonic-pi-cli
  streamio-ffmpeg
  tty-command
  tty-pager
  tty-prompt
  tty-which
  unimidi

BUNDLED WITH
   1.16.5
